PATH
  remote: .
  specs:
    Scrapah (1.2.0)
      headless (>= 1.0.1)
      json (>= 1.8.1)
      nokogiri (>= 1.6.0)
      retryable (>= 1.3.3)
      watir-webdriver (>= 0.6.4)

GEM
  remote: https://rubygems.org/
  specs:
    childprocess (0.3.9)
      ffi (~> 1.0, >= 1.0.11)
    ffi (1.9.3)
    headless (1.0.1)
    json (1.8.1)
    mini_portile (0.5.3)
    multi_json (1.10.0)
    nokogiri (1.6.1)
      mini_portile (~> 0.5.0)
    retryable (1.3.5)
    rubyzip (1.0.0)
    selenium-webdriver (2.37.0)
      childprocess (>= 0.2.5)
      multi_json (~> 1.0)
      rubyzip (~> 1.0.0)
      websocket (~> 1.0.4)
    watir-webdriver (0.6.4)
      selenium-webdriver (>= 2.18.0)
    websocket (1.0.7)

PLATFORMS
  ruby

DEPENDENCIES
  Scrapah!
